PATH
  remote: .
  specs:
    railshoster (1.0.0)
      activesupport
      bundler (>= 1.0.15)
      capistrano
      erubis
      git
      gli (>= 1.2.5)
      highline
      json
      net-sftp

GEM
  remote: http://rubygems.org/
  specs:
    activesupport (6.0.3.2)
      concurrent-ruby (~> 1.0, >= 1.0.2)
      i18n (>= 0.7, < 2)
      minitest (~> 5.1)
      tzinfo (~> 1.1)
      zeitwerk (~> 2.2, >= 2.2.2)
    appraisal (1.0.2)
      bundler
      rake
      thor (>= 0.14.0)
    capistrano (3.2.1)
      i18n
      rake (>= 10.0.0)
      sshkit (~> 1.3)
    colorize (0.7.3)
    concurrent-ruby (1.1.6)
    diff-lcs (1.1.3)
    erubis (2.7.0)
    fakefs (0.4.0)
    git (1.2.7)
    gli (2.11.0)
    highline (1.6.21)
    i18n (1.8.5)
      concurrent-ruby (~> 1.0)
    json (2.3.1)
    metaclass (0.0.1)
    minitest (5.14.1)
    mocha (0.10.3)
      metaclass (~> 0.0.1)
    net-scp (1.2.1)
      net-ssh (>= 2.6.5)
    net-sftp (2.1.2)
      net-ssh (>= 2.6.5)
    net-ssh (2.9.1)
    rake (10.3.2)
    rspec (2.8.0)
      rspec-core (~> 2.8.0)
      rspec-expectations (~> 2.8.0)
      rspec-mocks (~> 2.8.0)
    rspec-core (2.8.0)
    rspec-expectations (2.8.0)
      diff-lcs (~> 1.1.2)
    rspec-mocks (2.8.0)
    sshkit (1.5.1)
      colorize
      net-scp (>= 1.1.2)
      net-ssh (>= 2.8.0)
    thor (0.19.1)
    thread_safe (0.3.6)
    tzinfo (1.2.7)
      thread_safe (~> 0.1)
    zeitwerk (2.4.0)

PLATFORMS
  ruby

DEPENDENCIES
  appraisal
  fakefs
  mocha
  railshoster!
  rspec (< 3)
