PATH
  remote: .
  specs:
    railshoster (0.6.9)
      bundler (>= 1.0.15)
      capistrano
      capistrano-ext
      erubis
      git
      gli (>= 1.2.5)
      json
      sane

GEM
  remote: http://rubygems.org/
  specs:
    capistrano (2.12.0)
      highline
      net-scp (>= 1.0.0)
      net-sftp (>= 2.0.0)
      net-ssh (>= 2.0.14)
      net-ssh-gateway (>= 1.1.0)
    capistrano-ext (1.2.1)
      capistrano (>= 1.0.0)
    diff-lcs (1.1.3)
    erubis (2.7.0)
    fakefs (0.4.0)
    git (1.2.5)
    gli (2.0.0)
    highline (1.6.12)
    json (1.7.3)
    metaclass (0.0.1)
    mocha (0.10.3)
      metaclass (~> 0.0.1)
    net-scp (1.0.4)
      net-ssh (>= 1.99.1)
    net-sftp (2.0.5)
      net-ssh (>= 2.0.9)
    net-ssh (2.5.2)
    net-ssh-gateway (1.1.0)
      net-ssh (>= 1.99.1)
    os (0.9.6)
    rspec (2.8.0)
      rspec-core (~> 2.8.0)
      rspec-expectations (~> 2.8.0)
      rspec-mocks (~> 2.8.0)
    rspec-core (2.8.0)
    rspec-expectations (2.8.0)
      diff-lcs (~> 1.1.2)
    rspec-mocks (2.8.0)
    sane (0.25.3)
      os

PLATFORMS
  ruby

DEPENDENCIES
  fakefs
  mocha
  railshoster!
  rspec
