PATH
  remote: .
  specs:
    railshoster (1.0.0)
      activesupport
      bundler (>= 1.0.15)
      capistrano
      erubis
      git
      gli (>= 1.2.5)
      highline
      json
      net-sftp

GEM
  remote: http://rubygems.org/
  specs:
    activesupport (7.0.3)
      concurrent-ruby (~> 1.0, >= 1.0.2)
      i18n (>= 1.6, < 2)
      minitest (>= 5.1)
      tzinfo (~> 2.0)
    airbrussh (1.4.0)
      sshkit (>= 1.6.1, != 1.7.0)
    appraisal (1.0.2)
      bundler
      rake
      thor (>= 0.14.0)
    capistrano (3.17.0)
      airbrussh (>= 1.0.0)
      i18n
      rake (>= 10.0.0)
      sshkit (>= 1.9.0)
    concurrent-ruby (1.1.10)
    diff-lcs (1.1.3)
    erubis (2.7.0)
    fakefs (0.4.0)
    git (1.2.7)
    gli (2.11.0)
    highline (1.6.21)
    i18n (1.10.0)
      concurrent-ruby (~> 1.0)
    json (2.6.2)
    metaclass (0.0.1)
    minitest (5.16.0)
    mocha (0.10.3)
      metaclass (~> 0.0.1)
    net-scp (3.0.0)
      net-ssh (>= 2.6.5, < 7.0.0)
    net-sftp (2.1.2)
      net-ssh (>= 2.6.5)
    net-ssh (6.1.0)
    rake (13.0.6)
    rspec (2.8.0)
      rspec-core (~> 2.8.0)
      rspec-expectations (~> 2.8.0)
      rspec-mocks (~> 2.8.0)
    rspec-core (2.8.0)
    rspec-expectations (2.8.0)
      diff-lcs (~> 1.1.2)
    rspec-mocks (2.8.0)
    sshkit (1.21.2)
      net-scp (>= 1.1.2)
      net-ssh (>= 2.8.0)
    thor (0.19.1)
    tzinfo (2.0.4)
      concurrent-ruby (~> 1.0)

PLATFORMS
  ruby

DEPENDENCIES
  appraisal
  fakefs
  mocha
  railshoster!
  rspec (< 3)
